PATH
  remote: .
  specs:
    ruby_shopify_api (1.0.0)
      activeresource
      graphql-client
      rack

GEM
  remote: https://rubygems.org/
  specs:
    activemodel (7.1.3.2)
      activesupport (= 7.1.3.2)
    activemodel-serializers-xml (1.0.2)
      activemodel (> 5.x)
      activesupport (> 5.x)
      builder (~> 3.1)
    activeresource (6.1.0)
      activemodel (>= 6.0)
      activemodel-serializers-xml (~> 1.0)
      activesupport (>= 6.0)
    activesupport (7.1.3.2)
      base64
      bigdecimal
      concurrent-ruby (~> 1.0, >= 1.0.2)
      connection_pool (>= 2.2.5)
      drb
      i18n (>= 1.6, < 2)
      minitest (>= 5.1)
      mutex_m
      tzinfo (~> 2.0)
    addressable (2.8.6)
      public_suffix (>= 2.0.2, < 6.0)
    base64 (0.2.0)
    bigdecimal (3.1.7)
    builder (3.2.4)
    concurrent-ruby (1.2.3)
    connection_pool (2.4.1)
    crack (1.0.0)
      bigdecimal
      rexml
    drb (2.2.1)
    graphql (2.3.2)
      base64
    graphql-client (0.22.0)
      activesupport (>= 3.0)
      graphql (>= 1.13.0)
    hashdiff (1.1.0)
    i18n (1.14.4)
      concurrent-ruby (~> 1.0)
    minitest (5.22.3)
    minitest-focus (1.4.0)
      minitest (>= 4, < 6)
    mocha (2.2.0)
      ruby2_keywords (>= 0.0.5)
    mutex_m (0.2.0)
    public_suffix (5.0.5)
    rack (3.0.10)
    rake (13.2.1)
    rexml (3.2.6)
    ruby2_keywords (0.0.5)
    timecop (0.9.8)
    tzinfo (2.0.6)
      concurrent-ruby (~> 1.0)
    webmock (3.23.0)
      addressable (>= 2.8.0)
      crack (>= 0.3.2)
      hashdiff (>= 0.4.0, < 2.0.0)

PLATFORMS
  arm64-darwin-22
  ruby

DEPENDENCIES
  activeresource
  minitest
  minitest-focus
  mocha
  rake
  ruby_shopify_api!
  timecop
  webmock

BUNDLED WITH
   2.5.9
